GEM
  remote: https://rubygems.org/
  specs:
    coderay (1.1.2)
    json (2.3.0)
    method_source (1.0.0)
    pry (0.13.1)
      coderay (~> 1.1)
      method_source (~> 1.0)
    rake (12.3.3)

PLATFORMS
  ruby

DEPENDENCIES
  json
  pry
  rake (~> 12.0)

BUNDLED WITH
   2.1.4
