GEM
  remote: https://rubygems.org/
  specs:
    coderay (1.1.2)
    json (2.3.0)
    method_source (1.0.0)
    pry (0.13.1)
      coderay (~> 1.1)
      method_source (~> 1.0)
    rainbow (3.0.0)
    rake (12.3.3)
    unicode (0.4.4.4)

PLATFORMS
  ruby

DEPENDENCIES
  json
  pry
  rainbow (~> 3.0)
  rake (~> 12.0)
  unicode (~> 0.4.4.2)

BUNDLED WITH
   2.1.4
